GEM
  remote: http://rubygems.org/
  specs:
    cool.io (1.0.0)
      iobuffer (>= 0.1.3)
    directory_watcher (1.4.0)
    gpgr (0.0.4)
    iobuffer (1.0.0)

PLATFORMS
  ruby

DEPENDENCIES
  cool.io (~> 1.0.0)
  directory_watcher (~> 1.4.0)
  gpgr (~> 0.0.4)
